PATH
  remote: .
  specs:
    graymatter (0.5.3)
      geomotion
      sugarcube

GEM
  remote: https://rubygems.org/
  specs:
    diff-lcs (1.1.3)
    geomotion (0.7.0)
    rake (10.0.3)
    rspec (2.12.0)
      rspec-core (~> 2.12.0)
      rspec-expectations (~> 2.12.0)
      rspec-mocks (~> 2.12.0)
    rspec-core (2.12.2)
    rspec-expectations (2.12.1)
      diff-lcs (~> 1.1.3)
    rspec-mocks (2.12.2)
    sugarcube (0.20.6)
    teacup (1.2.4)
      rake

PLATFORMS
  ruby

DEPENDENCIES
  geomotion
  graymatter!
  rspec
  sugarcube
  teacup
